GEM
  remote: http://rubygems.org/
  specs:
    colorize (0.7.7)
    multi_json (1.12.1)
    pygments.rb (1.1.2)
      multi_json (>= 1.0.0)

PLATFORMS
  ruby

DEPENDENCIES
  colorize
  pygments.rb (~> 1.1)

BUNDLED WITH
   1.14.6
